GEM
  remote: https://rubygems.org/
  specs:
    connection_pool (2.4.1)
    redis (5.1.0)
      redis-client (>= 0.17.0)
    redis-client (0.21.0)
      connection_pool
    thor (1.3.1)

PLATFORMS
  arm64-darwin-23
  ruby

DEPENDENCIES
  redis
  thor

BUNDLED WITH
   2.5.6
