GEM
  remote: https://rubygems.org/
  specs:
    thor (1.3.1)

PLATFORMS
  arm64-darwin-23
  ruby

DEPENDENCIES
  thor

BUNDLED WITH
   2.5.6
